PATH
  remote: .
  specs:
    clippy (1.0.1)

GEM
  remote: http://rubygems.org/
  specs:
    coderay (1.0.8)
    method_source (0.8.1)
    minitest (3.3.0)
    pry (0.9.10)
      coderay (~> 1.0.5)
      method_source (~> 0.8)
      slop (~> 3.3.1)
    rake (0.9.2.2)
    slop (3.3.3)

PLATFORMS
  ruby

DEPENDENCIES
  clippy!
  minitest
  pry
  rake
